GIT
  remote: https://github.com/plustwo/exemplor.git
  revision: d7676daa23ee655baee9b74d41b191a604bda86c
  branch: master3k
  specs:
    exemplor (3000.3.0)

GEM
  remote: http://rubygems.org/
  specs:
    awesome_print (1.0.1)
    builder (2.1.2)
    citrus (1.5.0)
      builder

PLATFORMS
  ruby

DEPENDENCIES
  awesome_print
  citrus
  exemplor!
