GEM
  remote: http://rubygems.org/
  specs:
    builder (2.1.2)
    citrus (1.5.0)
      builder
    exemplor (3000.3.0)

PLATFORMS
  ruby

DEPENDENCIES
  citrus
  exemplor
